PATH
  remote: .
  specs:
    it (0.0.1)

GEM
  remote: https://rubygems.org/
  specs:
    concurrent-ruby (1.3.4)
    highline (3.1.1)
      reline
    io-console (0.8.0)
    reline (0.5.12)
      io-console (~> 0.5)
    tzinfo (2.0.6)
      concurrent-ruby (~> 1.0)
    tzinfo-data (1.2024.2)
      tzinfo (>= 1.0.0)

PLATFORMS
  ruby
  x86_64-linux

DEPENDENCIES
  highline (~> 3.1.1)
  it!
  tzinfo (~> 2.0.6)
  tzinfo-data (~> 1.2024.2)

BUNDLED WITH
   2.5.23
